GEM
  remote: https://rubygems.org/
  specs:
    concurrent-ruby (1.1.6)
    eventmachine (1.2.7)
    faraday (1.0.1)
      multipart-post (>= 1.2, < 3)
    faye-websocket (0.11.0)
      eventmachine (>= 0.12.0)
      websocket-driver (>= 0.5.1)
    http_router (0.11.2)
      rack (>= 1.0.0)
      url_mount (~> 0.2.1)
    i18n (1.8.2)
      concurrent-ruby (~> 1.0)
    ice_nine (0.11.2)
    lita (4.7.1)
      bundler (>= 1.3)
      faraday (>= 0.8.7)
      http_router (>= 0.11.2)
      i18n (>= 0.6.9)
      ice_nine (>= 0.11.0)
      multi_json (>= 1.7.7)
      puma (>= 2.7.1)
      rack (>= 1.5.2, < 2.0.0)
      rb-readline (>= 0.5.1)
      redis-namespace (>= 1.3.0)
      thor (>= 0.18.1)
    lita-applause (0.0.2)
      lita (>= 4.0)
    lita-dogebomb (1.0.0)
      lita (>= 2.0)
    lita-giphy (1.0.4)
      lita (>= 2.0)
    lita-github-status (0.1.0)
      lita (>= 4.3)
    lita-goforit (0.1.0)
      lita (>= 4.3)
    lita-group-mention (1.2.0)
      lita (>= 4.2)
    lita-heroku-keepalive (0.2.1)
      lita (>= 4.7)
    lita-karma (3.0.2)
      lita (>= 4.0)
    lita-likeaboss (1.1.0)
      lita (~> 4.0)
    lita-ping (1.1.2)
      lita (>= 2.0)
    lita-pugbomb (1.0.2)
      lita (>= 2.0)
    lita-shipit (0.2.0)
      lita (>= 4.0)
    lita-slack (1.8.0)
      eventmachine
      faraday
      faye-websocket (>= 0.8.0)
      lita (>= 4.7.1)
      multi_json
    multi_json (1.14.1)
    multipart-post (2.1.1)
    nio4r (2.5.2)
    puma (4.3.5)
      nio4r (~> 2.0)
    rack (1.6.13)
    rb-readline (0.5.5)
    redis (4.1.4)
    redis-namespace (1.7.0)
      redis (>= 3.0.4)
    thor (1.0.1)
    url_mount (0.2.1)
      rack
    websocket-driver (0.7.3)
      websocket-extensions (>= 0.1.0)
    websocket-extensions (0.1.5)

PLATFORMS
  ruby

DEPENDENCIES
  lita (>= 4.7.1)
  lita-applause (>= 0.0.2)
  lita-dogebomb (>= 1.0.0)
  lita-giphy (>= 1.0.4)
  lita-github-status (>= 0.1.0)
  lita-goforit (>= 0.1.0)
  lita-group-mention (>= 1.2.0)
  lita-heroku-keepalive (>= 0.2.1)
  lita-karma (>= 3.0.2)
  lita-likeaboss (>= 1.1.0)
  lita-ping (>= 1.1.2)
  lita-pugbomb (>= 1.0.2)
  lita-shipit (>= 0.2.0)
  lita-slack (>= 1.8.0)

RUBY VERSION
   ruby 2.7.1p83

BUNDLED WITH
   2.1.4
