GEM
  remote: https://rubygems.org/
  specs:
    eventmachine (1.0.7)
    faraday (0.9.1)
      multipart-post (>= 1.2, < 3)
    faye-websocket (0.9.2)
      eventmachine (>= 0.12.0)
      websocket-driver (>= 0.5.1)
    http_router (0.11.1)
      rack (>= 1.0.0)
      url_mount (~> 0.2.1)
    i18n (0.7.0)
    ice_nine (0.11.1)
    lita (4.4.3)
      bundler (>= 1.3)
      faraday (>= 0.8.7)
      http_router (>= 0.11.1)
      i18n (>= 0.6.9)
      ice_nine (>= 0.11.0)
      multi_json (>= 1.7.7)
      puma (>= 2.7.1)
      rack (>= 1.5.2)
      rb-readline (>= 0.5.1)
      redis-namespace (>= 1.3.0)
      thor (>= 0.18.1)
    lita-animate (1.1.0)
      lita (>= 2.0)
    lita-applause (0.0.2)
      lita (>= 4.0)
    lita-dogebomb (1.0.0)
      lita (>= 2.0)
    lita-github-status (0.1.0)
      lita (>= 4.3)
    lita-goforit (0.1.0)
      lita (>= 4.3)
    lita-google-images (2.0.0)
      lita (>= 4.0)
    lita-group-mention (1.0.2)
      lita (>= 4.2)
    lita-karma (3.0.2)
      lita (>= 4.0)
    lita-likeaboss (1.1.0)
      lita (~> 4.0)
    lita-ping (1.1.0)
      lita (>= 2.0)
    lita-pugbomb (1.0.2)
      lita (>= 2.0)
    lita-shipit (0.0.1)
      lita (>= 4.0)
    lita-slack (1.5.0)
      eventmachine
      faraday
      faye-websocket (>= 0.8.0)
      lita (>= 4.4.2)
      multi_json
    multi_json (1.11.1)
    multipart-post (2.0.0)
    puma (2.11.3)
      rack (>= 1.1, < 2.0)
    rack (1.6.4)
    rb-readline (0.5.3)
    redis (3.2.1)
    redis-namespace (1.5.2)
      redis (~> 3.0, >= 3.0.4)
    thor (0.19.1)
    url_mount (0.2.1)
      rack
    websocket-driver (0.5.4)
      websocket-extensions (>= 0.1.0)
    websocket-extensions (0.1.2)

PLATFORMS
  ruby

DEPENDENCIES
  lita
  lita-animate
  lita-applause
  lita-dogebomb
  lita-github-status
  lita-goforit
  lita-google-images
  lita-group-mention
  lita-karma
  lita-likeaboss
  lita-ping
  lita-pugbomb
  lita-shipit
  lita-slack
