GEM
  remote: https://rubygems.org/
  specs:
    concurrent-ruby (1.2.2)
    connection_pool (2.4.1)
    eventmachine (1.2.7)
    faraday (2.7.10)
      faraday-net_http (>= 2.0, < 3.1)
      ruby2_keywords (>= 0.0.4)
    faraday-net_http (3.0.2)
    faye-websocket (0.11.0)
      eventmachine (>= 0.12.0)
      websocket-driver (>= 0.5.1)
    http_router (0.11.2)
      rack (>= 1.0.0)
      url_mount (~> 0.2.1)
    i18n (1.14.1)
      concurrent-ruby (~> 1.0)
    ice_nine (0.11.2)
    lita (4.8.0)
      bundler (>= 2.0)
      faraday (>= 1.0)
      http_router (>= 0.11)
      i18n (>= 1.8)
      ice_nine (>= 0.11)
      multi_json (>= 1.15)
      puma (>= 4.3)
      rack (>= 2.2)
      rb-readline (>= 0.5)
      redis-namespace (>= 1.7)
      thor (>= 1.0)
    lita-applause (0.0.2)
      lita (>= 4.0)
    lita-dogebomb (1.0.0)
      lita (>= 2.0)
    lita-giphy (1.0.4)
      lita (>= 2.0)
    lita-github-status (0.1.0)
      lita (>= 4.3)
    lita-goforit (0.1.0)
      lita (>= 4.3)
    lita-group-mention (1.2.0)
      lita (>= 4.2)
    lita-heroku-keepalive (0.2.1)
      lita (>= 4.7)
    lita-karma (3.0.2)
      lita (>= 4.0)
    lita-likeaboss (1.1.0)
      lita (~> 4.0)
    lita-ping (1.1.2)
      lita (>= 2.0)
    lita-pugbomb (1.0.2)
      lita (>= 2.0)
    lita-shipit (0.2.1)
      lita (>= 4.0)
    lita-slack (1.8.0)
      eventmachine
      faraday
      faye-websocket (>= 0.8.0)
      lita (>= 4.7.1)
      multi_json
    multi_json (1.15.0)
    nio4r (2.5.9)
    puma (6.3.1)
      nio4r (~> 2.0)
    rack (3.0.8)
    rb-readline (0.5.5)
    redis (5.0.7)
      redis-client (>= 0.9.0)
    redis-client (0.16.0)
      connection_pool
    redis-namespace (1.11.0)
      redis (>= 4)
    ruby2_keywords (0.0.5)
    thor (1.2.2)
    url_mount (0.2.1)
      rack
    websocket-driver (0.7.3)
      websocket-extensions (>= 0.1.0)
    websocket-extensions (0.1.5)

PLATFORMS
  ruby

DEPENDENCIES
  lita (>= 4.8.0)
  lita-applause (>= 0.0.2)
  lita-dogebomb (>= 1.0.0)
  lita-giphy (>= 1.0.4)
  lita-github-status (>= 0.1.0)
  lita-goforit (>= 0.1.0)
  lita-group-mention (>= 1.2.0)
  lita-heroku-keepalive (>= 0.2.1)
  lita-karma (>= 3.0.2)
  lita-likeaboss (>= 1.1.0)
  lita-ping (>= 1.1.2)
  lita-pugbomb (>= 1.0.2)
  lita-shipit (>= 0.2.1)
  lita-slack (>= 1.8.0)

RUBY VERSION
   ruby 3.0.0p0

BUNDLED WITH
   2.2.3
